GEM
  specs:
    activesupport (3.2.22.1)
      i18n (~> 0.6, >= 0.6.4)
      multi_json (~> 1.0)
    addressable (2.3.8)
    addressabler (0.1.2)
      addressable (>= 2.3)
    hashie (2.1.2)
    httparty (0.13.3)
      json (~> 1.8)
      multi_xml (>= 0.5.2)
    i18n (0.7.0)
    json (1.8.3)
    kraken_client (1.1.2)
      activesupport (~> 3.2)
      addressabler
      hashie
      httparty
    multi_json (1.11.2)
    multi_xml (0.5.5)

PLATFORMS
  ruby

DEPENDENCIES
  kraken_client (= 1.1.2)

BUNDLED WITH
   1.11.2
